PATH
  remote: .
  specs:
    fluent-plugin-rethink (0.1.0)
      fluentd (~> 0.10.9)
      rethinkdb (>= 1.15.0)

GEM
  remote: https://rubygems.org/
  specs:
    cool.io (1.2.4)
    docile (1.1.5)
    fluentd (0.10.55)
      cool.io (>= 1.1.1, < 2.0.0, != 1.2.0)
      http_parser.rb (>= 0.5.1, < 0.7.0)
      json (>= 1.4.3)
      msgpack (>= 0.4.4, < 0.6.0, != 0.5.3, != 0.5.2, != 0.5.1, != 0.5.0)
      sigdump (~> 0.2.2)
      yajl-ruby (~> 1.0)
    http_parser.rb (0.6.0)
    json (1.8.1)
    minitest (4.7.5)
    msgpack (0.5.9)
    multi_json (1.10.1)
    rake (10.3.2)
    rethinkdb (1.15.0.0)
      json
    sigdump (0.2.2)
    simplecov (0.9.1)
      docile (~> 1.1.0)
      multi_json (~> 1.0)
      simplecov-html (~> 0.8.0)
    simplecov-html (0.8.0)
    yajl-ruby (1.2.1)

PLATFORMS
  ruby

DEPENDENCIES
  fluent-plugin-rethink!
  minitest (~> 4.7.3)
  rake (>= 0.9.2)
  simplecov
